GEM
  remote: https://rubygems.org/
  specs:
    addressable (2.3.6)
    berkshelf (3.1.2)
      addressable (~> 2.3.4)
      berkshelf-api-client (~> 1.2)
      buff-config (~> 0.4)
      buff-extensions (~> 0.4)
      buff-shell_out (~> 0.1)
      celluloid (~> 0.16.0.pre)
      celluloid-io (~> 0.16.0.pre)
      faraday (~> 0.9.0)
      minitar (~> 0.5.4)
      octokit (~> 3.0)
      retryable (~> 1.3.3)
      ridley (~> 3.1)
      solve (~> 1.1)
      thor (~> 0.18)
    berkshelf-api-client (1.2.0)
      faraday (~> 0.9.0)
    buff-config (0.4.0)
      buff-extensions (~> 0.3)
      varia_model (~> 0.1)
    buff-extensions (0.5.0)
    buff-ignore (1.1.1)
    buff-ruby_engine (0.1.0)
    buff-shell_out (0.1.1)
      buff-ruby_engine (~> 0.1.0)
    celluloid (0.16.0.pre)
      timers (~> 2.0.0)
    celluloid-io (0.16.0.pre)
      celluloid (>= 0.16.0.pre)
      nio4r (>= 1.0.0)
    chef (11.12.4)
      chef-zero (~> 2.0, >= 2.0.2)
      diff-lcs (~> 1.2, >= 1.2.4)
      erubis (~> 2.7)
      highline (~> 1.6, >= 1.6.9)
      json (>= 1.4.4, <= 1.8.1)
      mime-types (~> 1.16)
      mixlib-authentication (~> 1.3)
      mixlib-cli (~> 1.4)
      mixlib-config (~> 2.0)
      mixlib-log (~> 1.3)
      mixlib-shellout (~> 1.4)
      net-ssh (~> 2.6)
      net-ssh-multi (~> 1.1)
      ohai (~> 7.0.4)
      pry (~> 0.9)
      rest-client (>= 1.0.4, < 1.7.0)
      yajl-ruby (~> 1.1)
    chef-server (0.8.10)
      coderay
      haml
      json
      merb-assets (~> 1.0.0)
      merb-core (~> 1.0.0)
      merb-haml (~> 1.0.0)
      merb-helpers (~> 1.0.0)
      ruby-openid
      thin
    chef-zero (2.0.2)
      hashie (~> 2.0)
      json
      mixlib-log (~> 1.3)
      rack
    coderay (1.1.0)
    daemons (1.1.9)
    dep-selector-libgecode (1.0.0)
    dep_selector (1.0.3)
      dep-selector-libgecode (~> 1.0)
      ffi (~> 1.9)
    diff-lcs (1.2.5)
    erubis (2.7.0)
    eventmachine (1.0.3)
    extlib (0.9.16)
    faraday (0.9.0)
      multipart-post (>= 1.2, < 3)
    ffi (1.9.3)
    haml (4.0.5)
      tilt
    hashie (2.1.1)
    highline (1.6.21)
    hitimes (1.2.1)
    ipaddress (0.8.0)
    json (1.8.1)
    json_pure (1.8.1)
    knife-solo (0.4.1)
      chef (>= 10.12)
      erubis (~> 2.7.0)
      net-ssh (>= 2.2.2, < 3.0)
    merb-assets (1.0.12)
      merb-core (>= 1.0.12)
    merb-core (1.0.12)
      erubis (>= 2.6.2)
      extlib (>= 0.9.8)
      json_pure
      mime-types
      rack
      rake
      rspec
      thor (>= 0.9.9)
      webrat (>= 0.3.1)
    merb-haml (1.0.12)
      haml (>= 2.0.3)
      merb-core (= 1.0.12)
    merb-helpers (1.0.12)
      merb-core (>= 1.0.12)
    method_source (0.8.2)
    mime-types (1.25.1)
    mini_portile (0.5.3)
    minitar (0.5.4)
    mixlib-authentication (1.3.0)
      mixlib-log
    mixlib-cli (1.5.0)
    mixlib-config (2.1.0)
    mixlib-log (1.6.0)
    mixlib-shellout (1.4.0)
    multipart-post (2.0.0)
    net-http-persistent (2.9.4)
    net-ssh (2.9.0)
    net-ssh-gateway (1.2.0)
      net-ssh (>= 2.6.5)
    net-ssh-multi (1.2.0)
      net-ssh (>= 2.6.5)
      net-ssh-gateway (>= 1.2.0)
    nio4r (1.0.0)
    nokogiri (1.6.2)
      mini_portile (~> 0.5.2)
    octokit (3.1.0)
      sawyer (~> 0.5.3)
    ohai (7.0.4)
      ipaddress
      mime-types (~> 1.16)
      mixlib-cli
      mixlib-config (~> 2.0)
      mixlib-log
      mixlib-shellout (~> 1.2)
      systemu (~> 2.5.2)
      yajl-ruby
    pg (0.17.1)
    pry (0.9.12.6)
      coderay (~> 1.0)
      method_source (~> 0.8)
      slop (~> 3.4)
    rack (1.5.2)
    rack-test (0.6.2)
      rack (>= 1.0)
    rake (10.3.1)
    rest-client (1.6.7)
      mime-types (>= 1.16)
    retryable (1.3.5)
    ridley (3.1.0)
      addressable
      buff-config (~> 0.2)
      buff-extensions (~> 0.3)
      buff-ignore (~> 1.1)
      buff-shell_out (~> 0.1)
      celluloid (~> 0.16.0.pre)
      celluloid-io (~> 0.16.0.pre)
      erubis
      faraday (~> 0.9.0)
      hashie (>= 2.0.2)
      json (>= 1.7.7)
      mixlib-authentication (>= 1.3.0)
      net-http-persistent (>= 2.8)
      retryable
      semverse (~> 1.1)
      varia_model (~> 0.3)
    rspec (2.14.1)
      rspec-core (~> 2.14.0)
      rspec-expectations (~> 2.14.0)
      rspec-mocks (~> 2.14.0)
    rspec-core (2.14.8)
    rspec-expectations (2.14.5)
      diff-lcs (>= 1.1.3, < 2.0)
    rspec-mocks (2.14.6)
    ruby-openid (2.5.0)
    sawyer (0.5.4)
      addressable (~> 2.3.5)
      faraday (~> 0.8, < 0.10)
    semverse (1.1.0)
    slop (3.5.0)
    solve (1.2.0)
      dep_selector (~> 1.0)
      semverse (~> 1.1)
    systemu (2.5.2)
    thin (1.6.2)
      daemons (>= 1.0.9)
      eventmachine (>= 1.0.0)
      rack (>= 1.0.0)
    thor (0.19.1)
    tilt (2.0.1)
    timers (2.0.0)
      hitimes
    varia_model (0.3.2)
      buff-extensions (~> 0.2)
      hashie (>= 2.0.2)
    webrat (0.7.3)
      nokogiri (>= 1.2.0)
      rack (>= 1.0)
      rack-test (>= 0.5.3)
    yajl-ruby (1.2.0)

PLATFORMS
  ruby

DEPENDENCIES
  berkshelf
  chef
  chef-server
  chef-zero
  knife-solo
  pg
